GEM
  remote: https://rubygems.org/
  specs:
    actionpack (5.1.5)
      actionview (= 5.1.5)
      activesupport (= 5.1.5)
      rack (~> 2.0)
      rack-test (>= 0.6.3)
      rails-dom-testing (~> 2.0)
      rails-html-sanitizer (~> 1.0, >= 1.0.2)
    actionview (5.1.5)
      activesupport (= 5.1.5)
      builder (~> 3.1)
      erubi (~> 1.4)
      rails-dom-testing (~> 2.0)
      rails-html-sanitizer (~> 1.0, >= 1.0.3)
    activesupport (5.1.5)
      concurrent-ruby (~> 1.0, >= 1.0.2)
      i18n (~> 0.7)
      minitest (~> 5.1)
      tzinfo (~> 1.1)
    addressable (2.8.0)
      public_suffix (>= 2.0.2, < 5.0)
    ast (2.4.0)
    binding_of_caller (0.8.0)
      debug_inspector (>= 0.0.1)
    bson (4.3.0)
    builder (3.2.3)
    capybara (2.18.0)
      addressable
      mini_mime (>= 0.1.3)
      nokogiri (>= 1.3.3)
      rack (>= 1.0.0)
      rack-test (>= 0.5.4)
      xpath (>= 2.0, < 4.0)
    capybara-screenshot (1.0.25)
      capybara (>= 1.0, < 4)
      launchy
    cassandra-driver (3.2.3)
      ione (~> 1.2)
    childprocess (0.9.0)
      ffi (~> 1.0, >= 1.0.11)
    ci_reporter (2.0.0)
      builder (>= 2.1.2)
    ci_reporter_rspec (1.0.0)
      ci_reporter (~> 2.0)
      rspec (>= 2.14, < 4)
    coderay (1.1.2)
    colorize (0.8.1)
    concurrent-ruby (1.0.5)
    crass (1.0.4)
    debug_inspector (0.0.3)
    diff-lcs (1.3)
    domain_name (0.5.20170404)
      unf (>= 0.0.5, < 1.0.0)
    dotenv (2.2.1)
    dse-driver (2.1.3)
      cassandra-driver (= 3.2.3)
    erubi (1.7.1)
    faker (1.8.7)
      i18n (>= 0.7)
    faraday (0.12.2)
      multipart-post (>= 1.2, < 3)
    ffi (1.9.23)
    hashie (3.4.6)
    http-cookie (1.0.3)
      domain_name (~> 0.5)
    i18n (0.9.5)
      concurrent-ruby (~> 1.0)
    interception (0.5)
    ione (1.2.4)
    json (2.1.0)
    json-compare (0.1.8)
    jwt (1.5.6)
    launchy (2.5.0)
      addressable (~> 2.7)
    loofah (2.2.2)
      crass (~> 1.0.2)
      nokogiri (>= 1.5.9)
    mailinator (0.0.4)
      hashie (~> 3.4.4)
    method_source (0.9.0)
    mime-types (3.1)
      mime-types-data (~> 3.2015)
    mime-types-data (3.2016.0521)
    mini_mime (1.0.0)
    mini_portile2 (2.3.0)
    minitest (5.11.3)
    mongo (2.5.1)
      bson (>= 4.3.0, < 5.0.0)
    multi_json (1.13.1)
    multi_xml (0.6.0)
    multipart-post (2.0.0)
    net-sftp (2.1.2)
      net-ssh (>= 2.6.5)
    net-ssh (4.2.0)
    netrc (0.11.0)
    nokogiri (1.8.2)
      mini_portile2 (~> 2.3.0)
    oauth2 (1.4.0)
      faraday (>= 0.8, < 0.13)
      jwt (~> 1.0)
      multi_json (~> 1.3)
      multi_xml (~> 0.5)
      rack (>= 1.2, < 3)
    parallel (1.12.1)
    parallel_rspec (0.5.0)
    parallel_tests (2.21.2)
      parallel
    parser (2.4.0.2)
      ast (~> 2.3)
    powerpack (0.1.1)
    pry (0.11.3)
      coderay (~> 1.1.0)
      method_source (~> 0.9.0)
    pry-rescue (1.4.5)
      interception (>= 0.5)
      pry
    pry-stack_explorer (0.4.9.2)
      binding_of_caller (>= 0.7)
      pry (>= 0.9.11)
    public_suffix (4.0.6)
    rack (2.0.4)
    rack-test (0.8.3)
      rack (>= 1.0, < 3)
    rails-dom-testing (2.0.3)
      activesupport (>= 4.2.0)
      nokogiri (>= 1.6)
    rails-html-sanitizer (1.0.4)
      loofah (~> 2.2, >= 2.2.2)
    railties (5.1.5)
      actionpack (= 5.1.5)
      activesupport (= 5.1.5)
      method_source
      rake (>= 0.8.7)
      thor (>= 0.18.1, < 2.0)
    rainbow (2.1.0)
    rake (12.3.0)
    require_all (1.5.0)
    rest-client (2.0.2)
      http-cookie (>= 1.0.2, < 2.0)
      mime-types (>= 1.16, < 4.0)
      netrc (~> 0.8)
    rspec (3.7.0)
      rspec-core (~> 3.7.0)
      rspec-expectations (~> 3.7.0)
      rspec-mocks (~> 3.7.0)
    rspec-core (3.7.1)
      rspec-support (~> 3.7.0)
    rspec-expectations (3.7.0)
      diff-lcs (>= 1.2.0, < 2.0)
      rspec-support (~> 3.7.0)
    rspec-mocks (3.7.0)
      diff-lcs (>= 1.2.0, < 2.0)
      rspec-support (~> 3.7.0)
    rspec-rails (3.7.2)
      actionpack (>= 3.0)
      activesupport (>= 3.0)
      railties (>= 3.0)
      rspec-core (~> 3.7.0)
      rspec-expectations (~> 3.7.0)
      rspec-mocks (~> 3.7.0)
      rspec-support (~> 3.7.0)
    rspec-retry (0.5.6)
      rspec-core (> 3.3, < 3.8)
    rspec-support (3.7.1)
    rubocop (0.49.1)
      parallel (~> 1.10)
      parser (>= 2.3.3.1, < 3.0)
      powerpack (~> 0.1)
      rainbow (>= 1.99.1, < 3.0)
      ruby-progressbar (~> 1.7)
      unicode-display_width (~> 1.0, >= 1.0.1)
    rubocop-rspec (1.16.0)
      rubocop (>= 0.49.0)
    ruby-kafka (0.4.3)
    ruby-progressbar (1.9.0)
    rubyzip (1.2.1)
    selenium-webdriver (3.10.0)
      childprocess (~> 0.5)
      rubyzip (~> 1.2)
    thor (0.20.0)
    thread_safe (0.3.6)
    tzinfo (1.2.5)
      thread_safe (~> 0.1)
    unf (0.1.4)
      unf_ext
    unf_ext (0.0.7.5)
    unicode-display_width (1.3.0)
    vcr (4.0.0)
    xpath (3.0.0)
      nokogiri (~> 1.8)

PLATFORMS
  ruby

DEPENDENCIES
  capybara
  capybara-screenshot
  ci_reporter_rspec
  colorize
  concurrent-ruby
  dotenv
  dse-driver
  faker
  json
  json-compare
  mailinator
  mongo
  net-sftp
  oauth2
  parallel_rspec
  parallel_tests
  pry
  pry-rescue
  pry-stack_explorer
  rainbow (= 2.1)
  rake
  require_all
  rest-client
  rspec
  rspec-rails
  rspec-retry
  rubocop
  rubocop-rspec
  ruby-kafka (= 0.4.3)
  selenium-webdriver
  vcr

BUNDLED WITH
   1.16.1
